PATH
  remote: .
  specs:
    rubyfish (0.0.6)

GEM
  remote: http://rubygems.org/
  specs:
    diff-lcs (1.2.4)
    rake (13.0.1)
    rspec (2.14.1)
      rspec-core (~> 2.14.0)
      rspec-expectations (~> 2.14.0)
      rspec-mocks (~> 2.14.0)
    rspec-core (2.14.4)
    rspec-expectations (2.14.1)
      diff-lcs (>= 1.1.3, < 2.0)
    rspec-mocks (2.14.3)

PLATFORMS
  ruby

DEPENDENCIES
  rake
  rspec (>= 2.0)
  rubyfish!
